GIT
  remote: https://github.com/rossta/serviceworker-rails.git
  revision: 757db5354c9e47a144397c4655f3d1cab6046bc0
  ref: 757db5354c9e47a144397c4655f3d1cab6046bc0
  specs:
    serviceworker-rails (0.5.5)
      railties (>= 3.1)

GEM
  remote: https://rubygems.org/
  specs:
    actioncable (5.2.2.1)
      actionpack (= 5.2.2.1)
      nio4r (~> 2.0)
      websocket-driver (>= 0.6.1)
    actionmailer (5.2.2.1)
      actionpack (= 5.2.2.1)
      actionview (= 5.2.2.1)
      activejob (= 5.2.2.1)
      mail (~> 2.5, >= 2.5.4)
      rails-dom-testing (~> 2.0)
    actionpack (5.2.2.1)
      actionview (= 5.2.2.1)
      activesupport (= 5.2.2.1)
      rack (~> 2.0)
      rack-test (>= 0.6.3)
      rails-dom-testing (~> 2.0)
      rails-html-sanitizer (~> 1.0, >= 1.0.2)
    actionview (5.2.2.1)
      activesupport (= 5.2.2.1)
      builder (~> 3.1)
      erubi (~> 1.4)
      rails-dom-testing (~> 2.0)
      rails-html-sanitizer (~> 1.0, >= 1.0.3)
    activejob (5.2.2.1)
      activesupport (= 5.2.2.1)
      globalid (>= 0.3.6)
    activemodel (5.2.2.1)
      activesupport (= 5.2.2.1)
    activerecord (5.2.2.1)
      activemodel (= 5.2.2.1)
      activesupport (= 5.2.2.1)
      arel (>= 9.0)
    activestorage (5.2.2.1)
      actionpack (= 5.2.2.1)
      activerecord (= 5.2.2.1)
      marcel (~> 0.3.1)
    activesupport (5.2.2.1)
      concurrent-ruby (~> 1.0, >= 1.0.2)
      i18n (>= 0.7, < 2)
      minitest (~> 5.1)
      tzinfo (~> 1.1)
    addressable (2.6.0)
      public_suffix (>= 2.0.2, < 4.0)
    arel (9.0.0)
    ast (2.4.0)
    backports (3.12.0)
    bcrypt (3.1.12)
    better_errors (2.5.1)
      coderay (>= 1.0.0)
      erubi (>= 1.0.0)
      rack (>= 0.9.0)
    bindex (0.5.0)
    binding_of_caller (0.8.0)
      debug_inspector (>= 0.0.1)
    builder (3.2.3)
    byebug (11.0.1)
    capybara (3.15.0)
      addressable
      mini_mime (>= 0.1.3)
      nokogiri (~> 1.8)
      rack (>= 1.6.0)
      rack-test (>= 0.6.3)
      regexp_parser (~> 1.2)
      xpath (~> 3.2)
    capybara-selenium (0.0.6)
      capybara
      selenium-webdriver
    childprocess (0.9.0)
      ffi (~> 1.0, >= 1.0.11)
    clearance (1.16.2)
      actionmailer (>= 3.1)
      activemodel (>= 3.1)
      activerecord (>= 3.1)
      bcrypt
      email_validator (~> 1.4)
      railties (>= 3.1)
    clockwork (2.0.3)
      tzinfo
    coderay (1.1.2)
    coffee-rails (4.2.2)
      coffee-script (>= 2.2.0)
      railties (>= 4.0.0)
    coffee-script (2.4.1)
      coffee-script-source
      execjs
    coffee-script-source (1.12.2)
    concurrent-ruby (1.1.5)
    crack (0.4.3)
      safe_yaml (~> 1.0.0)
    crass (1.0.4)
    ddtrace (0.21.0)
      msgpack
      opentracing (>= 0.4.1)
    debug_inspector (0.0.3)
    declarative (0.0.10)
    declarative-option (0.1.0)
    delayed_job (4.1.5)
      activesupport (>= 3.0, < 5.3)
    delayed_job_active_record (4.1.3)
      activerecord (>= 3.0, < 5.3)
      delayed_job (>= 3.0, < 5)
    diff-lcs (1.3)
    domain_name (0.5.20180417)
      unf (>= 0.0.5, < 1.0.0)
    easypost (3.0.1)
      multi_json (>= 1.3.0)
      rest-client (>= 1.7)
    email_validator (1.6.0)
      activemodel
    erubi (1.8.0)
    execjs (2.7.0)
    factory_bot (5.0.2)
      activesupport (>= 4.2.0)
    factory_bot_rails (5.0.1)
      factory_bot (~> 5.0.0)
      railties (>= 4.2.0)
    faraday (0.15.4)
      multipart-post (>= 1.2, < 3)
    ffi (1.10.0)
    flamegraph (0.9.5)
    geocoder (1.5.1)
    globalid (0.4.2)
      activesupport (>= 4.2.0)
    google-api-client (0.28.4)
      addressable (~> 2.5, >= 2.5.1)
      googleauth (>= 0.5, < 0.10.0)
      httpclient (>= 2.8.1, < 3.0)
      mime-types (~> 3.0)
      representable (~> 3.0)
      retriable (>= 2.0, < 4.0)
      signet (~> 0.10)
    google-cloud-core (1.3.0)
      google-cloud-env (~> 1.0)
    google-cloud-env (1.0.5)
      faraday (~> 0.11)
    google-cloud-pubsub (0.34.1)
      concurrent-ruby (~> 1.0)
      google-cloud-core (~> 1.2)
      google-gax (~> 1.3)
      grpc-google-iam-v1 (~> 0.6.9)
    google-gax (1.5.0)
      google-protobuf (~> 3.2)
      googleapis-common-protos (>= 1.3.5, < 2.0)
      googleauth (>= 0.6.2, < 0.10.0)
      grpc (>= 1.7.2, < 2.0)
      rly (~> 0.2.3)
    google-protobuf (3.7.0)
    googleapis-common-protos (1.3.8)
      google-protobuf (~> 3.0)
      googleapis-common-protos-types (~> 1.0)
      grpc (~> 1.0)
    googleapis-common-protos-types (1.0.3)
      google-protobuf (~> 3.0)
    googleauth (0.8.0)
      faraday (~> 0.12)
      jwt (>= 1.4, < 3.0)
      memoist (~> 0.16)
      multi_json (~> 1.11)
      os (>= 0.9, < 2.0)
      signet (~> 0.7)
    grpc (1.19.0)
      google-protobuf (~> 3.1)
      googleapis-common-protos-types (~> 1.0.0)
    grpc-google-iam-v1 (0.6.9)
      googleapis-common-protos (>= 1.3.1, < 2.0)
      grpc (~> 1.0)
    hashdiff (0.3.8)
    hashie (3.6.0)
    hkdf (0.3.0)
    http-cookie (1.0.3)
      domain_name (~> 0.5)
    httpclient (2.8.3)
    i18n (1.6.0)
      concurrent-ruby (~> 1.0)
    jaro_winkler (1.5.2)
    jbuilder (2.8.0)
      activesupport (>= 4.2.0)
      multi_json (>= 1.2)
    jquery-rails (4.3.3)
      rails-dom-testing (>= 1, < 3)
      railties (>= 4.2.0)
      thor (>= 0.14, < 2.0)
    jwt (2.2.1)
    listen (3.1.5)
      rb-fsevent (~> 0.9, >= 0.9.4)
      rb-inotify (~> 0.9, >= 0.9.7)
      ruby_dep (~> 1.2)
    loofah (2.2.3)
      crass (~> 1.0.2)
      nokogiri (>= 1.5.9)
    mail (2.7.1)
      mini_mime (>= 0.1.1)
    marcel (0.3.3)
      mimemagic (~> 0.3.2)
    memoist (0.16.0)
    method_source (0.9.2)
    mime-types (3.2.2)
      mime-types-data (~> 3.2015)
    mime-types-data (3.2018.0812)
    mimemagic (0.3.3)
    mini_mime (1.0.1)
    mini_portile2 (2.4.0)
    minitest (5.11.3)
    msgpack (1.2.9)
    multi_json (1.13.1)
    multi_xml (0.6.0)
    multipart-post (2.1.1)
    mustermann (1.0.3)
    netrc (0.11.0)
    nio4r (2.3.1)
    nokogiri (1.10.1)
      mini_portile2 (~> 2.4.0)
    oauth2 (1.4.1)
      faraday (>= 0.8, < 0.16.0)
      jwt (>= 1.0, < 3.0)
      multi_json (~> 1.3)
      multi_xml (~> 0.5)
      rack (>= 1.2, < 3)
    omniauth (1.9.0)
      hashie (>= 3.4.6, < 3.7.0)
      rack (>= 1.6.2, < 3)
    omniauth-google-oauth2 (0.7.0)
      jwt (>= 2.0)
      omniauth (>= 1.1.1)
      omniauth-oauth2 (>= 1.5)
    omniauth-oauth2 (1.6.0)
      oauth2 (~> 1.1)
      omniauth (~> 1.9)
    opentracing (0.5.0)
    os (1.0.0)
    parallel (1.14.0)
    parser (2.6.2.0)
      ast (~> 2.4.0)
    pg (1.1.4)
    powerpack (0.1.2)
    pry (0.12.2)
      coderay (~> 1.1.0)
      method_source (~> 0.9.0)
    pry-rails (0.3.9)
      pry (>= 0.10.4)
    pry-remote (0.1.8)
      pry (~> 0.9)
      slop (~> 3.0)
    public_suffix (3.0.3)
    puma (3.12.1)
    rack (2.0.7)
    rack-mini-profiler (1.0.2)
      rack (>= 1.2.0)
    rack-protection (2.0.5)
      rack
    rack-proxy (0.6.5)
      rack
    rack-test (1.1.0)
      rack (>= 1.0, < 3)
    rails (5.2.2.1)
      actioncable (= 5.2.2.1)
      actionmailer (= 5.2.2.1)
      actionpack (= 5.2.2.1)
      actionview (= 5.2.2.1)
      activejob (= 5.2.2.1)
      activemodel (= 5.2.2.1)
      activerecord (= 5.2.2.1)
      activestorage (= 5.2.2.1)
      activesupport (= 5.2.2.1)
      bundler (>= 1.3.0)
      railties (= 5.2.2.1)
      sprockets-rails (>= 2.0.0)
    rails-dom-testing (2.0.3)
      activesupport (>= 4.2.0)
      nokogiri (>= 1.6)
    rails-html-sanitizer (1.0.4)
      loofah (~> 2.2, >= 2.2.2)
    railties (5.2.2.1)
      actionpack (= 5.2.2.1)
      activesupport (= 5.2.2.1)
      method_source
      rake (>= 0.8.7)
      thor (>= 0.19.0, < 2.0)
    rainbow (3.0.0)
    rake (12.3.2)
    rb-fsevent (0.10.3)
    rb-inotify (0.10.0)
      ffi (~> 1.0)
    regexp_parser (1.3.0)
    representable (3.0.4)
      declarative (< 0.1.0)
      declarative-option (< 0.2.0)
      uber (< 0.2.0)
    rest-client (2.0.2)
      http-cookie (>= 1.0.2, < 2.0)
      mime-types (>= 1.16, < 4.0)
      netrc (~> 0.8)
    retriable (3.1.2)
    rly (0.2.3)
    rspec (3.8.0)
      rspec-core (~> 3.8.0)
      rspec-expectations (~> 3.8.0)
      rspec-mocks (~> 3.8.0)
    rspec-core (3.8.0)
      rspec-support (~> 3.8.0)
    rspec-expectations (3.8.2)
      diff-lcs (>= 1.2.0, < 2.0)
      rspec-support (~> 3.8.0)
    rspec-mocks (3.8.0)
      diff-lcs (>= 1.2.0, < 2.0)
      rspec-support (~> 3.8.0)
    rspec-rails (3.8.2)
      actionpack (>= 3.0)
      activesupport (>= 3.0)
      railties (>= 3.0)
      rspec-core (~> 3.8.0)
      rspec-expectations (~> 3.8.0)
      rspec-mocks (~> 3.8.0)
      rspec-support (~> 3.8.0)
    rspec-support (3.8.0)
    rspec_junit_formatter (0.4.1)
      rspec-core (>= 2, < 4, != 2.12.0)
    rubocop (0.60.0)
      jaro_winkler (~> 1.5.1)
      parallel (~> 1.10)
      parser (>= 2.5, != 2.5.1.1)
      powerpack (~> 0.1)
      rainbow (>= 2.2.2, < 4.0)
      ruby-progressbar (~> 1.7)
      unicode-display_width (~> 1.4.0)
    rubocop-coreyja (0.3.0)
      rubocop (= 0.60.0)
      rubocop-rspec (= 1.27.0)
    rubocop-junit-formatter (0.1.4)
    rubocop-rspec (1.27.0)
      rubocop (>= 0.56.0)
    ruby-progressbar (1.10.0)
    ruby_dep (1.5.0)
    rubyzip (1.2.2)
    safe_yaml (1.0.5)
    sass (3.7.3)
      sass-listen (~> 4.0.0)
    sass-listen (4.0.0)
      rb-fsevent (~> 0.9, >= 0.9.4)
      rb-inotify (~> 0.9, >= 0.9.7)
    sass-rails (5.0.7)
      railties (>= 4.0.0, < 6)
      sass (~> 3.1)
      sprockets (>= 2.8, < 4.0)
      sprockets-rails (>= 2.0, < 4.0)
      tilt (>= 1.1, < 3)
    scenic (1.5.1)
      activerecord (>= 4.0.0)
      railties (>= 4.0.0)
    selenium-webdriver (3.141.0)
      childprocess (~> 0.5)
      rubyzip (~> 1.2, >= 1.2.2)
    sentry-raven (2.9.0)
      faraday (>= 0.7.6, < 1.0)
    signet (0.11.0)
      addressable (~> 2.3)
      faraday (~> 0.9)
      jwt (>= 1.5, < 3.0)
      multi_json (~> 1.10)
    simple_form (4.1.0)
      actionpack (>= 5.0)
      activemodel (>= 5.0)
    sinatra (2.0.5)
      mustermann (~> 1.0)
      rack (~> 2.0)
      rack-protection (= 2.0.5)
      tilt (~> 2.0)
    sinatra-contrib (2.0.5)
      backports (>= 2.8.2)
      multi_json
      mustermann (~> 1.0)
      rack-protection (= 2.0.5)
      sinatra (= 2.0.5)
      tilt (>= 1.3, < 3)
    slop (3.6.0)
    spring (2.0.2)
      activesupport (>= 4.2)
    spring-commands-rspec (1.0.4)
      spring (>= 0.9.1)
    spring-watcher-listen (2.0.1)
      listen (>= 2.7, < 4.0)
      spring (>= 1.2, < 3.0)
    sprockets (3.7.2)
      concurrent-ruby (~> 1.0)
      rack (> 1, < 3)
    sprockets-rails (3.2.1)
      actionpack (>= 4.0)
      activesupport (>= 4.0)
      sprockets (>= 3.0.0)
    stackprof (0.2.12)
    thor (0.20.3)
    thread_safe (0.3.6)
    tilt (2.0.9)
    tracking_number (1.0.5)
      activesupport (>= 4.2.5)
    turbolinks (5.2.0)
      turbolinks-source (~> 5.2)
    turbolinks-source (5.2.0)
    tzinfo (1.2.5)
      thread_safe (~> 0.1)
    uber (0.1.0)
    uglifier (4.1.20)
      execjs (>= 0.3.0, < 3)
    unf (0.1.4)
      unf_ext
    unf_ext (0.0.7.5)
    unicode-display_width (1.4.1)
    web-console (3.7.0)
      actionview (>= 5.0)
      activemodel (>= 5.0)
      bindex (>= 0.4.0)
      railties (>= 5.0)
    webmock (3.5.1)
      addressable (>= 2.3.6)
      crack (>= 0.3.2)
      hashdiff
    webpacker (4.0.2)
      activesupport (>= 4.2)
      rack-proxy (>= 0.6.1)
      railties (>= 4.2)
    webpush (0.3.7)
      hkdf (~> 0.2)
      jwt (~> 2.0)
    websocket-driver (0.7.0)
      websocket-extensions (>= 0.1.0)
    websocket-extensions (0.1.3)
    webvalve (0.9.8)
      activesupport (>= 4.2)
      sinatra (>= 1.4, < 3)
      sinatra-contrib (>= 1.4, < 3)
      webmock (>= 2.0)
    xpath (3.2.0)
      nokogiri (~> 1.8)

PLATFORMS
  ruby

DEPENDENCIES
  better_errors
  binding_of_caller
  byebug
  capybara
  capybara-selenium
  clearance
  clockwork
  coffee-rails (~> 4.2)
  ddtrace
  delayed_job_active_record
  easypost
  factory_bot_rails
  flamegraph
  geocoder
  google-api-client
  google-cloud-pubsub
  jbuilder (~> 2.8)
  jquery-rails
  listen (~> 3.1.5)
  omniauth
  omniauth-google-oauth2
  pg (~> 1.1)
  pry-rails
  pry-remote
  puma (~> 3.12)
  rack-mini-profiler
  rails (~> 5.2.2)
  rest-client
  rspec
  rspec-rails
  rspec_junit_formatter
  rubocop-coreyja (= 0.3.0)
  rubocop-junit-formatter
  sass-rails (~> 5.0)
  scenic
  sentry-raven
  serviceworker-rails!
  simple_form
  spring
  spring-commands-rspec
  spring-watcher-listen (~> 2.0.0)
  stackprof
  tracking_number
  turbolinks (~> 5)
  tzinfo-data
  uglifier (>= 1.3.0)
  web-console (>= 3.3.0)
  webpacker (~> 4.0)
  webpush (~> 0.3.7)
  webvalve

RUBY VERSION
   ruby 2.5.3p105

BUNDLED WITH
   1.17.3
